GEM
  remote: http://rubygems.org/
  specs:
    activemodel (3.1.3)
      activesupport (= 3.1.3)
      builder (~> 3.0.0)
      i18n (~> 0.6)
    activesupport (3.1.3)
      multi_json (~> 1.0)
    bson (1.4.0)
    bson_ext (1.4.0)
    builder (3.0.0)
    crack (0.1.8)
    daemons (1.1.4)
    eventmachine (0.12.10)
    i18n (0.6.0)
    json (1.6.1)
    mime-types (1.17.2)
    mongo (1.4.0)
      bson (= 1.4.0)
    mongoid (2.3.4)
      activemodel (~> 3.1)
      mongo (~> 1.3)
      tzinfo (~> 0.3.22)
    mongoid_grid (0.0.10)
      mime-types
    mongoid_spacial (0.2.16)
      activesupport (~> 3.0)
      mongoid (>= 2.3.0)
    multi_json (1.0.3)
    pusher (0.8.4)
      crack (~> 0.1.0)
      multi_json (~> 1.0)
      ruby-hmac (~> 0.4.0)
      signature (~> 0.1.2)
    rack (1.3.5)
    rmagick (2.13.1)
    ruby-hmac (0.4.0)
    signature (0.1.2)
      ruby-hmac
    sinatra (1.1.0)
      rack (~> 1.1)
      tilt (~> 1.1)
    thin (1.2.7)
      daemons (>= 1.0.9)
      eventmachine (>= 0.12.6)
      rack (>= 1.0.0)
    tilt (1.3.3)
    tzinfo (0.3.31)

PLATFORMS
  ruby

DEPENDENCIES
  bson_ext (~> 1.4)
  json
  mongoid (~> 2.3)
  mongoid_grid
  mongoid_spacial
  pusher (~> 0.8.4)
  rmagick
  sinatra (= 1.1.0)
  thin (= 1.2.7)
